GIT
  remote: git://github.com/griswoldbar/hashtive_record.git
  revision: 309396b5d0c9eccc33424366eda208cb63d61875
  specs:
    hashtive_record (0.1)
      activesupport

GEM
  specs:
    activesupport (3.2.8)
      i18n (~> 0.6)
      multi_json (~> 1.0)
    i18n (0.6.1)
    multi_json (1.3.6)

PLATFORMS
  ruby

DEPENDENCIES
  hashtive_record!
