GIT
  remote: git://github.com/griswoldbar/hashtive_record.git
  revision: 217b4bf6cd3daf9cdddb3b9e0b15394eee928d49
  specs:
    hashtive_record (0.1)
      activesupport

GEM
  specs:
    activesupport (3.2.9)
      i18n (~> 0.6)
      multi_json (~> 1.0)
    i18n (0.6.1)
    multi_json (1.3.7)

PLATFORMS
  ruby

DEPENDENCIES
  hashtive_record!
