GIT
  remote: git://github.com/griswoldbar/hashtive_record.git
  revision: c60135f0a7e9ca612a05054bb092107ac4813db8
  specs:
    hashtive_record (0.1)
      activesupport

GEM
  remote: http://rubygems.org/
  specs:
    activesupport (3.2.9)
      i18n (~> 0.6)
      multi_json (~> 1.0)
    diff-lcs (1.1.3)
    i18n (0.6.1)
    multi_json (1.5.0)
    rspec (2.12.0)
      rspec-core (~> 2.12.0)
      rspec-expectations (~> 2.12.0)
      rspec-mocks (~> 2.12.0)
    rspec-core (2.12.2)
    rspec-expectations (2.12.1)
      diff-lcs (~> 1.1.3)
    rspec-mocks (2.12.1)

PLATFORMS
  ruby

DEPENDENCIES
  hashtive_record!
  rspec
